GEM
  remote: http://rubygems.org/
  specs:
    aws-s3 (0.6.3)
      builder
      mime-types
      xml-simple
    builder (3.2.2)
    json (1.7.6)
    json (1.7.6-java)
    mime-types (1.24)
    mini_magick (3.6.0)
      subexec (~> 0.2.1)
    puma (2.5.1)
      rack (>= 1.1, < 2.0)
    puma (2.5.1-java)
      rack (>= 1.1, < 2.0)
    rack (1.5.1)
    rack-protection (1.3.2)
      rack
    sinatra (1.3.4)
      rack (~> 1.4)
      rack-protection (~> 1.3)
      tilt (~> 1.3, >= 1.3.3)
    subexec (0.2.3)
    tilt (1.3.3)
    xml-simple (1.1.2)

PLATFORMS
  java
  ruby

DEPENDENCIES
  aws-s3
  json
  mini_magick
  puma
  sinatra
