GEM
  remote: http://rubygems.org/
  specs:
    aws-s3 (0.6.3)
      builder
      mime-types
      xml-simple
    builder (3.2.2)
    image_voodoo (0.8.2)
    jruby-rack (1.1.13.2)
    json (1.7.6)
    json (1.7.6-java)
    mime-types (1.24)
    rack (1.5.1)
    rack-protection (1.3.2)
      rack
    sinatra (1.3.4)
      rack (~> 1.4)
      rack-protection (~> 1.3)
      tilt (~> 1.3, >= 1.3.3)
    tilt (1.3.3)
    trinidad (1.4.5)
      jruby-rack (>= 1.1.13)
      trinidad_jars (>= 1.2.3)
    trinidad_jars (1.2.4)
    xml-simple (1.1.2)

PLATFORMS
  java
  ruby

DEPENDENCIES
  aws-s3
  image_voodoo
  json
  sinatra
  trinidad
