GEM
  remote: http://rubygems.org/
  specs:
    jruby-rack (1.1.13.2)
    json (1.7.6)
    json (1.7.6-java)
    rack (1.5.1)
    rack-protection (1.3.2)
      rack
    sinatra (1.3.4)
      rack (~> 1.4)
      rack-protection (~> 1.3)
      tilt (~> 1.3, >= 1.3.3)
    tilt (1.3.3)
    trinidad (1.4.5)
      jruby-rack (>= 1.1.13)
      trinidad_jars (>= 1.2.3)
    trinidad_jars (1.2.4)

PLATFORMS
  java
  ruby

DEPENDENCIES
  json
  sinatra
  trinidad
